PATH
  remote: .
  specs:
    rack_dav (0.1.3)

GEM
  remote: http://rubygems.org/
  specs:

PLATFORMS
  ruby

DEPENDENCIES
  rack_dav!
